GEM
  remote: https://rubygems.org/
  specs:
    cbeta (2.7.14)
    domain_name (0.5.20190701)
      unf (>= 0.0.5, < 1.0.0)
    http-accept (1.7.0)
    http-cookie (1.0.3)
      domain_name (~> 0.5)
    mime-types (3.3.1)
      mime-types-data (~> 3.2015)
    mime-types-data (3.2021.0225)
    netrc (0.11.0)
    rest-client (2.1.0)
      http-accept (>= 1.7.0, < 2.0)
      http-cookie (>= 1.0.2, < 2.0)
      mime-types (>= 1.16, < 4.0)
      netrc (~> 0.8)
    unf (0.1.4)
      unf_ext
    unf_ext (0.0.7.7)
    unihan2 (0.0.3)

PLATFORMS
  ruby

DEPENDENCIES
  cbeta (>= 2.7.14)
  rest-client
  unihan2

BUNDLED WITH
   2.2.29
